GEM
  remote: https://rubygems.org/
  specs:
    gash (0.1.4)
      open4 (>= 0.9.6)
    grancher (0.1.5)
      gash
    json (1.8.0)
    open4 (1.3.0)
    rake (10.0.4)
    rdoc (3.12.2)
      json (~> 1.4)
    sdoc (0.3.20)
      json (>= 1.1.3)
      rdoc (~> 3.10)

PLATFORMS
  ruby

DEPENDENCIES
  grancher
  rake
  sdoc
