GEM
  remote: https://rubygems.org/
  specs:
    json (1.8.3)
    rake (10.0.4)
    rake-compiler (0.9.1)
      rake
    rdoc (4.2.0)
    sdoc (0.4.1)
      json (~> 1.7, >= 1.7.7)
      rdoc (~> 4.0)

PLATFORMS
  ruby

DEPENDENCIES
  rake
  rake-compiler
  sdoc

BUNDLED WITH
   1.10.6
